GEM
  remote: https://rubygems.org/
  specs:
    charlock_holmes (0.7.3)
    coderay (1.1.0)
    diff-lcs (1.2.5)
    github-markdown (0.6.9)
    github-markup (1.3.3)
    gitlab-grit (2.7.3)
      charlock_holmes (~> 0.6)
      diff-lcs (~> 1.1)
      mime-types (~> 1.15)
      posix-spawn (~> 0.3)
    gollum (4.0.1)
      gollum-lib (~> 4.0, >= 4.0.1)
      kramdown (~> 1.8.0)
      mustache (>= 0.99.5, < 1.0.0)
      sinatra (~> 1.4, >= 1.4.4)
      useragent (~> 0.14.0)
    gollum-grit_adapter (1.0.0)
      gitlab-grit (~> 2.7, >= 2.7.1)
    gollum-lib (4.1.0)
      github-markup (~> 1.3.3)
      gollum-grit_adapter (~> 1.0)
      nokogiri (~> 1.6.4)
      rouge (~> 1.9)
      sanitize (~> 2.1.0)
      stringex (~> 2.5.1)
    kramdown (1.8.0)
    method_source (0.8.2)
    mime-types (1.25.1)
    mini_portile2 (2.0.0)
    mustache (0.99.8)
    nokogiri (1.6.7.1)
      mini_portile2 (~> 2.0.0.rc2)
    posix-spawn (0.3.11)
    pry (0.10.3)
      coderay (~> 1.1.0)
      method_source (~> 0.8.1)
      slop (~> 3.4)
    rack (1.6.4)
    rack-protection (1.5.3)
      rack
    rouge (1.10.1)
    sanitize (2.1.0)
      nokogiri (>= 1.4.4)
    sinatra (1.4.6)
      rack (~> 1.4)
      rack-protection (~> 1.4)
      tilt (>= 1.3, < 3)
    slop (3.6.0)
    stringex (2.5.2)
    tilt (2.0.1)
    useragent (0.14.0)

PLATFORMS
  ruby

DEPENDENCIES
  github-markdown (~> 0.6.9)
  gollum (~> 4.0.1)
  pry

BUNDLED WITH
   1.11.2
